PATH
  remote: .
  specs:
    nanocurrency (0.2.0)
      blake2b

GEM
  remote: https://rubygems.org/
  specs:
    blake2b (0.10.0)
    diff-lcs (1.3)
    rake (10.5.0)
    rake-compiler (1.0.7)
      rake
    rspec (3.8.0)
      rspec-core (~> 3.8.0)
      rspec-expectations (~> 3.8.0)
      rspec-mocks (~> 3.8.0)
    rspec-core (3.8.0)
      rspec-support (~> 3.8.0)
    rspec-expectations (3.8.3)
      diff-lcs (>= 1.2.0, < 2.0)
      rspec-support (~> 3.8.0)
    rspec-mocks (3.8.0)
      diff-lcs (>= 1.2.0, < 2.0)
      rspec-support (~> 3.8.0)
    rspec-support (3.8.0)

PLATFORMS
  ruby

DEPENDENCIES
  bundler (~> 1.16)
  nanocurrency!
  rake (~> 10.0)
  rake-compiler (~> 1.0)
  rspec (~> 3.0)

BUNDLED WITH
   1.16.6
